GEM
  remote: https://rubygems.org/
  specs:
    handler (0.9.0)
    rack (2.2.0)
    webrick (1.8.1)

PLATFORMS
  x86_64-darwin-22

DEPENDENCIES
  handler
  rack (~> 2.2)
  webrick

RUBY VERSION
   ruby 3.2.1p31

BUNDLED WITH
   2.4.14
