GEM
  remote: https://rubygems.org/
  specs:
    byebug (11.1.3)
    daemons (1.4.1)
    eventmachine (1.2.7)
    nio4r (2.5.9)
    puma (4.3.12)
      nio4r (~> 2.0)
    rack (2.0.9.3)
    rackup (1.0.0)
      rack (< 3)
      webrick
    thin (1.8.2)
      daemons (~> 1.0, >= 1.0.9)
      eventmachine (~> 1.0, >= 1.0.4)
      rack (>= 1, < 3)
    webrick (1.8.1)

PLATFORMS
  x86_64-darwin-22

DEPENDENCIES
  byebug
  puma (~> 4.3.12)
  rack (~> 2.0.1)
  rackup
  thin
  webrick

BUNDLED WITH
   2.4.14
